NUGET
  remote: https://nuget.org/api/v2
  specs:
    FAKE (4.0.2)
    FsCheck (2.0.4)
      FSharp.Core (>= 3.1.2.1)
    FsCheck.Xunit (2.0.4)
      FsCheck (>= 2.0.4)
      xunit (>= 1.9.2)
    FSharp.Control.AsyncSeq (2.0.1)
    FSharp.Core (4.0.0.1)
    FSharpx.Async (1.12.0)
      FSharp.Control.AsyncSeq
    FSharpx.Collections (1.12.1)
      FSharp.Core
    FsPickler (1.2.21)
    Newtonsoft.Json (7.0.1)
    Newtonsoft.Json.FSharp (3.2.2)
      FSharp.Core (>= 3.1.2.1)
      Newtonsoft.Json (>= 6.0.8)
      NodaTime (>= 1.3.0)
    NodaTime (1.3.1)
    Suave (0.30.0)
      FSharp.Core (>= 3.1.2.1)
      FsPickler (>= 1.2.5)
    Unquote (3.0.0)
    xunit (1.9.2)
    xunit.runner.console (2.0.0)
